GEM
  remote: https://rubygems.org/
  specs:
    httparty (0.12.0)
      json (~> 1.8)
      multi_xml (>= 0.5.2)
    json (1.8.1)
    multi_xml (0.5.5)
    ruby-graphviz (1.0.9)

PLATFORMS
  ruby

DEPENDENCIES
  httparty
  ruby-graphviz
